GEM
  remote: https://rubygems.org/
  specs:
    coderay (1.1.3)
    method_source (1.0.0)
    minitest (5.15.0)
    pry (0.14.1)
      coderay (~> 1.1)
      method_source (~> 1.0)
    sorbet (0.5.9531)
      sorbet-static (= 0.5.9531)
    sorbet-runtime (0.5.9534)
    sorbet-static (0.5.9531-universal-darwin-21)
    sorbet-static (0.5.9531-x86_64-linux)

PLATFORMS
  x86_64-darwin-21
  x86_64-linux

DEPENDENCIES
  minitest
  pry
  sorbet
  sorbet-runtime

BUNDLED WITH
   2.3.3
